PATH
  remote: .
  specs:
    citi-client (0.1.0)
      openssl-ccm (~> 1.2.1)

GEM
  remote: https://rubygems.org/
  specs:
    diff-lcs (1.3)
    openssl-ccm (1.2.1)
    rake (10.4.2)
    rspec (3.7.0)
      rspec-core (~> 3.7.0)
      rspec-expectations (~> 3.7.0)
      rspec-mocks (~> 3.7.0)
    rspec-core (3.7.1)
      rspec-support (~> 3.7.0)
    rspec-expectations (3.7.0)
      diff-lcs (>= 1.2.0, < 2.0)
      rspec-support (~> 3.7.0)
    rspec-mocks (3.7.0)
      diff-lcs (>= 1.2.0, < 2.0)
      rspec-support (~> 3.7.0)
    rspec-support (3.7.1)

PLATFORMS
  ruby

DEPENDENCIES
  bundler (~> 1.17)
  citi-client!
  rake (~> 10.0)
  rspec (~> 3.7)

BUNDLED WITH
   1.17.1
